GIT
  remote: https://github.com/rubycdp/ferrum.git
  revision: 7cc1a63351232b10f9ce191104efe6e9c72acca2
  ref: 7cc1a63351232b10f9ce191104efe6e9c72acca2
  specs:
    ferrum (0.15)
      addressable (~> 2.5)
      base64 (~> 0.2)
      concurrent-ruby (~> 1.1)
      webrick (~> 1.7)
      websocket-driver (~> 0.7)

GEM
  remote: https://rubygems.org/
  specs:
    activemodel (8.0.1)
      activesupport (= 8.0.1)
    activerecord (8.0.1)
      activemodel (= 8.0.1)
      activesupport (= 8.0.1)
      timeout (>= 0.4.0)
    activesupport (8.0.1)
      base64
      benchmark (>= 0.3)
      bigdecimal
      concurrent-ruby (~> 1.0, >= 1.3.1)
      connection_pool (>= 2.2.5)
      drb
      i18n (>= 1.6, < 2)
      logger (>= 1.4.2)
      minitest (>= 5.1)
      securerandom (>= 0.3)
      tzinfo (~> 2.0, >= 2.0.5)
      uri (>= 0.13.1)
    addressable (2.8.7)
      public_suffix (>= 2.0.2, < 7.0)
    amazing_print (1.7.2)
    ast (2.4.2)
    base64 (0.2.0)
    benchmark (0.4.0)
    bigdecimal (3.1.9)
    caliber (0.74.0)
      rubocop (~> 1.72)
      rubocop-capybara (~> 2.21)
      rubocop-disable_syntax (~> 0.1)
      rubocop-packaging (~> 0.5)
      rubocop-performance (~> 1.24)
      rubocop-rake (~> 0.7)
      rubocop-rspec (~> 3.5)
      rubocop-thread_safety (~> 0.6)
    coderay (1.1.3)
    cogger (1.1.0)
      core (~> 2.0)
      logger (~> 1.6)
      refinements (~> 13.0)
      tone (~> 2.0)
      zeitwerk (~> 2.7)
    concurrent-ruby (1.3.5)
    connection_pool (2.5.0)
    containable (1.1.0)
      concurrent-ruby (~> 1.3)
    core (2.1.0)
    database_cleaner-active_record (2.2.0)
      activerecord (>= 5.a)
      database_cleaner-core (~> 2.0.0)
    database_cleaner-core (2.0.1)
    date (3.4.1)
    debug (1.10.0)
      irb (~> 1.10)
      reline (>= 0.3.8)
    diff-lcs (1.6.0)
    docile (1.4.1)
    dotenv (3.1.7)
    drb (2.2.1)
    dry-configurable (1.3.0)
      dry-core (~> 1.1)
      zeitwerk (~> 2.6)
    dry-core (1.1.0)
      concurrent-ruby (~> 1.0)
      logger
      zeitwerk (~> 2.6)
    dry-inflector (1.2.0)
    dry-initializer (3.2.0)
    dry-logic (1.6.0)
      bigdecimal
      concurrent-ruby (~> 1.0)
      dry-core (~> 1.1)
      zeitwerk (~> 2.6)
    dry-monads (1.7.1)
      concurrent-ruby (~> 1.0)
      dry-core (~> 1.1)
      zeitwerk (~> 2.6)
    dry-schema (1.13.4)
      concurrent-ruby (~> 1.0)
      dry-configurable (~> 1.0, >= 1.0.1)
      dry-core (~> 1.0, < 2)
      dry-initializer (~> 3.0)
      dry-logic (>= 1.4, < 2)
      dry-types (>= 1.7, < 2)
      zeitwerk (~> 2.6)
    dry-types (1.8.2)
      bigdecimal (~> 3.0)
      concurrent-ruby (~> 1.0)
      dry-core (~> 1.0)
      dry-inflector (~> 1.0)
      dry-logic (~> 1.4)
      zeitwerk (~> 2.6)
    etcher (3.1.0)
      cogger (~> 1.0)
      core (~> 2.0)
      dry-monads (~> 1.6)
      dry-types (~> 1.7)
      refinements (~> 13.0)
      versionaire (~> 14.0)
      zeitwerk (~> 2.7)
    forme (2.6.0)
      bigdecimal
    git-lint (9.1.0)
      cogger (~> 1.0)
      containable (~> 1.1)
      core (~> 2.0)
      dry-monads (~> 1.6)
      dry-schema (~> 1.13)
      etcher (~> 3.0)
      gitt (~> 4.1)
      infusible (~> 4.0)
      refinements (~> 13.0)
      runcom (~> 12.0)
      sod (~> 1.0)
      spek (~> 4.0)
      tone (~> 2.0)
      zeitwerk (~> 2.7)
    gitt (4.2.0)
      core (~> 2.0)
      dry-monads (~> 1.6)
      refinements (~> 13.0)
      zeitwerk (~> 2.7)
    i18n (1.14.7)
      concurrent-ruby (~> 1.0)
    infusible (4.2.0)
      marameters (~> 4.1)
    io-console (0.8.0)
    irb (1.15.1)
      pp (>= 0.6.0)
      rdoc (>= 4.0.0)
      reline (>= 0.4.2)
    irb-kit (1.1.0)
      irb (~> 1.15)
      zeitwerk (~> 2.7)
    json (2.10.1)
    language_server-protocol (3.17.0.4)
    lint_roller (1.1.0)
    logger (1.6.6)
    marameters (4.2.0)
      refinements (~> 13.0)
      zeitwerk (~> 2.7)
    method_source (1.1.0)
    mime-types (3.6.0)
      logger
      mime-types-data (~> 3.2015)
    mime-types-data (3.2025.0220)
    mini_magick (5.1.2)
      benchmark
      logger
    mini_portile2 (2.8.8)
    minitest (5.25.4)
    mustermann (3.0.3)
      ruby2_keywords (~> 0.0.1)
    nio4r (2.7.4)
    nokogiri (1.18.3)
      mini_portile2 (~> 2.8.2)
      racc (~> 1.4)
    nokogiri (1.18.3-x86_64-darwin)
      racc (~> 1.4)
    optparse (0.6.0)
    parallel (1.26.3)
    parser (3.3.7.1)
      ast (~> 2.4.1)
      racc
    pp (0.6.2)
      prettyprint
    prettyprint (0.2.0)
    prism (1.3.0)
    pry (0.15.2)
      coderay (~> 1.1)
      method_source (~> 1.0)
    psych (5.2.3)
      date
      stringio
    public_suffix (6.0.1)
    puma (6.6.0)
      nio4r (~> 2.0)
    puppeteer-ruby (0.45.6)
      concurrent-ruby (>= 1.1, < 1.4)
      mime-types (>= 3.0)
      websocket-driver (>= 0.6.0)
    racc (1.8.1)
    rack (3.1.10)
    rack-protection (4.1.1)
      base64 (>= 0.1.0)
      logger (>= 1.6.0)
      rack (>= 3.0.0, < 4)
    rack-session (2.1.0)
      base64 (>= 0.1.0)
      rack (>= 3.0.0)
    rack-test (2.2.0)
      rack (>= 1.3)
    rackup (2.2.1)
      rack (>= 3)
    rainbow (3.1.1)
    rake (13.2.1)
    rbs (3.8.1)
      logger
    rdoc (6.12.0)
      psych (>= 4.0.0)
    reek (6.4.0)
      dry-schema (~> 1.13.0)
      logger (~> 1.6)
      parser (~> 3.3.0)
      rainbow (>= 2.0, < 4.0)
      rexml (~> 3.1)
    refinements (13.1.0)
    regexp_parser (2.10.0)
    reline (0.6.0)
      io-console (~> 0.5)
    repl_type_completor (0.1.10)
      prism (~> 1.0)
      rbs (>= 2.7.0, < 4.0.0)
    rexml (3.4.1)
    rspec (3.13.0)
      rspec-core (~> 3.13.0)
      rspec-expectations (~> 3.13.0)
      rspec-mocks (~> 3.13.0)
    rspec-core (3.13.3)
      rspec-support (~> 3.13.0)
    rspec-expectations (3.13.3)
      diff-lcs (>= 1.2.0, < 2.0)
      rspec-support (~> 3.13.0)
    rspec-mocks (3.13.2)
      diff-lcs (>= 1.2.0, < 2.0)
      rspec-support (~> 3.13.0)
    rspec-support (3.13.2)
    rubocop (1.72.2)
      json (~> 2.3)
      language_server-protocol (~> 3.17.0.2)
      lint_roller (~> 1.1.0)
      parallel (~> 1.10)
      parser (>= 3.3.0.2)
      rainbow (>= 2.2.2, < 4.0)
      regexp_parser (>= 2.9.3, < 3.0)
      rubocop-ast (>= 1.38.0, < 2.0)
      ruby-progressbar (~> 1.7)
      unicode-display_width (>= 2.4.0, < 4.0)
    rubocop-ast (1.38.0)
      parser (>= 3.3.1.0)
    rubocop-capybara (2.21.0)
      rubocop (~> 1.41)
    rubocop-disable_syntax (0.1.1)
      rubocop (>= 1.50)
    rubocop-packaging (0.5.2)
      rubocop (>= 1.33, < 2.0)
    rubocop-performance (1.24.0)
      lint_roller (~> 1.1)
      rubocop (>= 1.72.1, < 2.0)
      rubocop-ast (>= 1.38.0, < 2.0)
    rubocop-rake (0.7.1)
      lint_roller (~> 1.1)
      rubocop (>= 1.72.1)
    rubocop-rspec (3.5.0)
      lint_roller (~> 1.1)
      rubocop (~> 1.72, >= 1.72.1)
    rubocop-thread_safety (0.6.0)
      rubocop (>= 1.48.1)
    ruby-progressbar (1.13.0)
    ruby2_keywords (0.0.5)
    runcom (12.1.0)
      refinements (~> 13.0)
      xdg (~> 9.0)
      zeitwerk (~> 2.7)
    securerandom (0.4.1)
    simplecov (0.22.0)
      docile (~> 1.1)
      simplecov-html (~> 0.11)
      simplecov_json_formatter (~> 0.1)
    simplecov-html (0.13.1)
    simplecov_json_formatter (0.1.4)
    sinatra (4.1.1)
      logger (>= 1.6.0)
      mustermann (~> 3.0)
      rack (>= 3.0.0, < 4)
      rack-protection (= 4.1.1)
      rack-session (>= 2.0.0, < 3)
      tilt (~> 2.0)
    sinatra-activerecord (2.0.28)
      activerecord (>= 4.1)
      sinatra (>= 1.0)
    sod (1.1.0)
      cogger (~> 1.0)
      containable (~> 1.1)
      infusible (~> 4.0)
      optparse (~> 0.6)
      refinements (~> 13.0)
      tone (~> 2.0)
      zeitwerk (~> 2.7)
    spek (4.1.0)
      core (~> 2.0)
      dry-monads (~> 1.6)
      refinements (~> 13.0)
      versionaire (~> 14.0)
      zeitwerk (~> 2.7)
    sqlite3 (2.6.0)
      mini_portile2 (~> 2.8.0)
    sqlite3 (2.6.0-x86_64-darwin)
    stringio (3.1.4)
    tilt (2.6.0)
    timeout (0.4.3)
    tone (2.1.0)
      refinements (~> 13.0)
      zeitwerk (~> 2.7)
    tzinfo (2.0.6)
      concurrent-ruby (~> 1.0)
    unicode-display_width (3.1.4)
      unicode-emoji (~> 4.0, >= 4.0.4)
    unicode-emoji (4.0.4)
    uri (1.0.2)
    versionaire (14.1.0)
      refinements (~> 13.0)
    webrick (1.9.1)
    websocket-driver (0.7.7)
      base64
      websocket-extensions (>= 0.1.0)
    websocket-extensions (0.1.5)
    xdg (9.1.0)
    zeitwerk (2.7.2)

PLATFORMS
  ruby
  x86_64-darwin-21

DEPENDENCIES
  activerecord (~> 8.0)
  amazing_print (~> 1.7)
  caliber (~> 0.68)
  database_cleaner-active_record (~> 2.2)
  debug (~> 1.10)
  dotenv (~> 3.1)
  ferrum!
  forme (~> 2.6)
  git-lint (~> 9.0)
  irb-kit (~> 1.1)
  json (~> 2.10)
  mini_magick (~> 5.1)
  nokogiri (~> 1.18)
  pry (~> 0.15)
  puma (~> 6.6)
  puppeteer-ruby (~> 0.45)
  rack-test (~> 2.2)
  rackup (~> 2.2)
  rake (~> 13.2)
  reek (~> 6.4)
  refinements (~> 13.0)
  repl_type_completor (~> 0.1)
  rspec (~> 3.13)
  simplecov (~> 0.22)
  sinatra-activerecord (~> 2.0)
  sqlite3 (~> 2.5)

RUBY VERSION
   ruby 3.4.2p28

BUNDLED WITH
   2.5.6
